GEM
  remote: https://rubygems.org/
  specs:
    minitest (5.4.3)
    rake (10.3.2)
    ruby-prof (0.15.3)

PLATFORMS
  ruby

DEPENDENCIES
  minitest
  rake
  ruby-prof
